GEM
  remote: https://rubygems.org/
  specs:
    ADB (0.5.6)
      childprocess (>= 0.3.5)
    brazenhead (0.4.8)
      childprocess (>= 0.3.5)
    builder (3.2.2)
    childprocess (0.5.3)
      ffi (~> 1.0, >= 1.0.11)
    cucumber (1.3.16)
      builder (>= 2.1.2)
      diff-lcs (>= 1.1.3)
      gherkin (~> 2.12)
      multi_json (>= 1.7.5, < 2.0)
      multi_test (>= 0.1.1)
    data_magic (0.19)
      faker (>= 1.1.2)
      yml_reader (>= 0.3)
    diff-lcs (1.2.5)
    faker (1.4.3)
      i18n (~> 0.5)
    ffi (1.9.3)
    gametel (0.8)
      ADB (>= 0.5.6)
      brazenhead (>= 0.4.8)
      page_navigation (>= 0.9)
    gherkin (2.12.2)
      multi_json (~> 1.3)
    i18n (0.6.11)
    multi_json (1.10.1)
    multi_test (0.1.1)
    page_navigation (0.9)
      data_magic (>= 0.14)
    rake (10.3.2)
    require_all (1.3.2)
    rspec (3.1.0)
      rspec-core (~> 3.1.0)
      rspec-expectations (~> 3.1.0)
      rspec-mocks (~> 3.1.0)
    rspec-core (3.1.1)
      rspec-support (~> 3.1.0)
    rspec-expectations (3.1.0)
      diff-lcs (>= 1.2.0, < 2.0)
      rspec-support (~> 3.1.0)
    rspec-mocks (3.1.0)
      rspec-support (~> 3.1.0)
    rspec-support (3.1.0)
    yml_reader (0.3)

PLATFORMS
  ruby

DEPENDENCIES
  cucumber
  gametel
  rake
  require_all
  rspec
